GEM
  remote: https://rubygems.org/
  specs:
    actioncable (5.0.2)
      actionpack (= 5.0.2)
      nio4r (>= 1.2, < 3.0)
      websocket-driver (~> 0.6.1)
    actionmailer (5.0.2)
      actionpack (= 5.0.2)
      actionview (= 5.0.2)
      activejob (= 5.0.2)
      mail (~> 2.5, >= 2.5.4)
      rails-dom-testing (~> 2.0)
    actionpack (5.0.2)
      actionview (= 5.0.2)
      activesupport (= 5.0.2)
      rack (~> 2.0)
      rack-test (~> 0.6.3)
      rails-dom-testing (~> 2.0)
      rails-html-sanitizer (~> 1.0, >= 1.0.2)
    actionview (5.0.2)
      activesupport (= 5.0.2)
      builder (~> 3.1)
      erubis (~> 2.7.0)
      rails-dom-testing (~> 2.0)
      rails-html-sanitizer (~> 1.0, >= 1.0.3)
    activejob (5.0.2)
      activesupport (= 5.0.2)
      globalid (>= 0.3.6)
    activemodel (5.0.2)
      activesupport (= 5.0.2)
    activemodel-serializers-xml (1.0.1)
      activemodel (> 5.x)
      activerecord (> 5.x)
      activesupport (> 5.x)
      builder (~> 3.1)
    activerecord (5.0.2)
      activemodel (= 5.0.2)
      activesupport (= 5.0.2)
      arel (~> 7.0)
    activesupport (5.0.2)
      concurrent-ruby (~> 1.0, >= 1.0.2)
      i18n (~> 0.7)
      minitest (~> 5.1)
      tzinfo (~> 1.1)
    ajax-datatables-rails (0.3.1)
      railties (>= 3.1)
    arel (7.1.4)
    autoprefixer-rails (6.7.7.1)
      execjs
    bootstrap-sass (3.3.7)
      autoprefixer-rails (>= 5.2.1)
      sass (>= 3.3.4)
    builder (3.2.3)
    byebug (9.0.6)
    coffee-rails (4.2.1)
      coffee-script (>= 2.2.0)
      railties (>= 4.0.0, < 5.2.x)
    coffee-script (2.4.1)
      coffee-script-source
      execjs
    coffee-script-source (1.12.2)
    concurrent-ruby (1.0.5)
    connection_pool (2.2.1)
    debug_inspector (0.0.2)
    draper (3.0.0.pre1)
      actionpack (~> 5.0)
      activemodel (~> 5.0)
      activemodel-serializers-xml (~> 1.0)
      activesupport (~> 5.0)
      request_store (~> 1.0)
    erubis (2.7.0)
    execjs (2.7.0)
    font-awesome-sass (4.7.0)
      sass (>= 3.2)
    globalid (0.3.7)
      activesupport (>= 4.1.0)
    i18n (0.8.1)
    jbuilder (2.6.3)
      activesupport (>= 3.0.0, < 5.2)
      multi_json (~> 1.2)
    jquery-datatables-rails (3.4.0)
      actionpack (>= 3.1)
      jquery-rails
      railties (>= 3.1)
      sass-rails
    jquery-rails (4.3.1)
      rails-dom-testing (>= 1, < 3)
      railties (>= 4.2.0)
      thor (>= 0.14, < 2.0)
    json (1.8.6)
    loofah (2.0.3)
      nokogiri (>= 1.5.9)
    mail (2.6.4)
      mime-types (>= 1.16, < 4)
    method_source (0.8.2)
    mime-types (3.1)
      mime-types-data (~> 3.2015)
    mime-types-data (3.2016.0521)
    mini_portile2 (2.4.0)
    minitest (5.10.1)
    multi_json (1.12.1)
    nio4r (2.0.0)
    nokogiri (1.10.4)
      mini_portile2 (~> 2.4.0)
    puma (3.8.2)
    rack (2.0.1)
    rack-protection (1.5.3)
      rack
    rack-test (0.6.3)
      rack (>= 1.0)
    rails (5.0.2)
      actioncable (= 5.0.2)
      actionmailer (= 5.0.2)
      actionpack (= 5.0.2)
      actionview (= 5.0.2)
      activejob (= 5.0.2)
      activemodel (= 5.0.2)
      activerecord (= 5.0.2)
      activesupport (= 5.0.2)
      bundler (>= 1.3.0, < 2.0)
      railties (= 5.0.2)
      sprockets-rails (>= 2.0.0)
    rails-dom-testing (2.0.2)
      activesupport (>= 4.2.0, < 6.0)
      nokogiri (~> 1.6)
    rails-html-sanitizer (1.0.3)
      loofah (~> 2.0)
    railties (5.0.2)
      actionpack (= 5.0.2)
      activesupport (= 5.0.2)
      method_source
      rake (>= 0.8.7)
      thor (>= 0.18.1, < 2.0)
    rake (12.0.0)
    rdoc (4.3.0)
    redis (3.3.3)
    request_store (1.3.2)
    rprogram (0.3.2)
    ruby-nmap (0.9.2)
      nokogiri (~> 1.3)
      rprogram (~> 0.3)
    sass (3.4.23)
    sass-rails (5.0.6)
      railties (>= 4.0.0, < 6)
      sass (~> 3.1)
      sprockets (>= 2.8, < 4.0)
      sprockets-rails (>= 2.0, < 4.0)
      tilt (>= 1.1, < 3)
    sdoc (0.4.2)
      json (~> 1.7, >= 1.7.7)
      rdoc (~> 4.0)
    sidekiq (4.2.10)
      concurrent-ruby (~> 1.0)
      connection_pool (~> 2.2, >= 2.2.0)
      rack-protection (>= 1.5.0)
      redis (~> 3.2, >= 3.2.1)
    spring (2.0.1)
      activesupport (>= 4.2)
    sprockets (3.7.1)
      concurrent-ruby (~> 1.0)
      rack (> 1, < 3)
    sprockets-rails (3.2.0)
      actionpack (>= 4.0)
      activesupport (>= 4.0)
      sprockets (>= 3.0.0)
    sqlite3 (1.3.13)
    sweet-alert-confirm (0.4.1)
    sweetalert-rails (1.1.3)
      railties (>= 3.1.0)
    thor (0.19.4)
    thread_safe (0.3.6)
    tilt (2.0.7)
    turbolinks (5.0.1)
      turbolinks-source (~> 5)
    turbolinks-source (5.0.0)
    tzinfo (1.2.3)
      thread_safe (~> 0.1)
    uglifier (3.1.10)
      execjs (>= 0.3.0, < 3)
    web-console (3.4.0)
      actionview (>= 5.0)
      activemodel (>= 5.0)
      debug_inspector
      railties (>= 5.0)
    websocket-driver (0.6.5)
      websocket-extensions (>= 0.1.0)
    websocket-extensions (0.1.2)

PLATFORMS
  ruby

DEPENDENCIES
  ajax-datatables-rails
  bootstrap-sass
  byebug
  coffee-rails
  draper (= 3.0.0.pre1)
  font-awesome-sass
  jbuilder (~> 2.0)
  jquery-datatables-rails
  jquery-rails
  puma
  rails (~> 5.0.0, >= 5.0.0.1)
  ruby-nmap
  sass-rails
  sdoc (~> 0.4.0)
  sidekiq
  spring
  sqlite3
  sweet-alert-confirm
  sweetalert-rails
  turbolinks
  uglifier (>= 1.3.0)
  web-console

RUBY VERSION
   ruby 2.3.3p222

BUNDLED WITH
   1.14.6
